PATH
  remote: .
  specs:
    clean_rm (2.3.3)
      ffi (~> 1.9, >= 1.9.25)
      sys-filesystem (~> 1.1, >= 1.1.9)

GEM
  remote: https://rubygems.org/
  specs:
    diff-lcs (1.3)
    ffi (1.9.25)
    rake (12.3.2)
    rspec (3.8.0)
      rspec-core (~> 3.8.0)
      rspec-expectations (~> 3.8.0)
      rspec-mocks (~> 3.8.0)
    rspec-core (3.8.0)
      rspec-support (~> 3.8.0)
    rspec-expectations (3.8.2)
      diff-lcs (>= 1.2.0, < 2.0)
      rspec-support (~> 3.8.0)
    rspec-mocks (3.8.0)
      diff-lcs (>= 1.2.0, < 2.0)
      rspec-support (~> 3.8.0)
    rspec-support (3.8.0)
    sys-filesystem (1.1.9)
      ffi

PLATFORMS
  ruby

DEPENDENCIES
  bundler (~> 1.17)
  clean_rm!
  rake (~> 12.3)
  rspec (~> 3.8)
  rspec-expectations (~> 3.8)

BUNDLED WITH
   1.17.2
