PATH
  remote: .
  specs:
    clean_rm (2.4.0)
      ffi (~> 1.13)
      sys-filesystem (~> 1.3)

GEM
  remote: https://rubygems.org/
  specs:
    diff-lcs (1.4.4)
    ffi (1.13.1)
    rake (13.0.1)
    rspec (3.9.0)
      rspec-core (~> 3.9.0)
      rspec-expectations (~> 3.9.0)
      rspec-mocks (~> 3.9.0)
    rspec-core (3.9.2)
      rspec-support (~> 3.9.3)
    rspec-expectations (3.9.2)
      diff-lcs (>= 1.2.0, < 2.0)
      rspec-support (~> 3.9.0)
    rspec-mocks (3.9.1)
      diff-lcs (>= 1.2.0, < 2.0)
      rspec-support (~> 3.9.0)
    rspec-support (3.9.3)
    sys-filesystem (1.3.4)
      ffi

PLATFORMS
  ruby

DEPENDENCIES
  bundler (~> 2.1)
  clean_rm!
  rake (~> 13)
  rspec (~> 3.9)
  rspec-expectations (~> 3.9)

BUNDLED WITH
   2.1.4
