PATH
  remote: .
  specs:
    clean_rm (2.2.6)
      sys-filesystem (~> 1.1.8)

GEM
  remote: https://rubygems.org/
  specs:
    diff-lcs (1.3)
    ffi (1.9.18)
    rake (12.1.0)
    rspec (3.6.0)
      rspec-core (~> 3.6.0)
      rspec-expectations (~> 3.6.0)
      rspec-mocks (~> 3.6.0)
    rspec-core (3.6.0)
      rspec-support (~> 3.6.0)
    rspec-expectations (3.6.0)
      diff-lcs (>= 1.2.0, < 2.0)
      rspec-support (~> 3.6.0)
    rspec-mocks (3.6.0)
      diff-lcs (>= 1.2.0, < 2.0)
      rspec-support (~> 3.6.0)
    rspec-support (3.6.0)
    sys-filesystem (1.1.8)
      ffi

PLATFORMS
  ruby

DEPENDENCIES
  bundler (~> 1.14)
  clean_rm!
  rake (~> 12.0)
  rspec (~> 3.6)
  rspec-expectations (~> 3.6)

BUNDLED WITH
   1.15.4
