PATH
  remote: .
  specs:
    clean_rm (2.3.0)
      ffi (= 1.9.21)
      sys-filesystem (~> 1.1, >= 1.1.9)

GEM
  remote: https://rubygems.org/
  specs:
    diff-lcs (1.3)
    ffi (1.9.21)
    rake (12.3.1)
    rspec (3.7.0)
      rspec-core (~> 3.7.0)
      rspec-expectations (~> 3.7.0)
      rspec-mocks (~> 3.7.0)
    rspec-core (3.7.1)
      rspec-support (~> 3.7.0)
    rspec-expectations (3.7.0)
      diff-lcs (>= 1.2.0, < 2.0)
      rspec-support (~> 3.7.0)
    rspec-mocks (3.7.0)
      diff-lcs (>= 1.2.0, < 2.0)
      rspec-support (~> 3.7.0)
    rspec-support (3.7.1)
    sys-filesystem (1.1.9)
      ffi

PLATFORMS
  ruby

DEPENDENCIES
  bundler (~> 1.16)
  clean_rm!
  rake (~> 12.3)
  rspec (~> 3.7)
  rspec-expectations (~> 3.7)

BUNDLED WITH
   1.16.1
